GEM
  remote: https://rubygems.org/
  specs:
    coderay (1.0.9)
    em-websocket (0.5.0)
      eventmachine (>= 0.12.9)
      http_parser.rb (~> 0.5.3)
    eventmachine (1.0.3)
    ffi (1.9.3)
    formatador (0.2.4)
    guard (1.8.0)
      formatador (>= 0.2.4)
      listen (>= 1.0.0)
      lumberjack (>= 1.0.2)
      pry (>= 0.9.10)
      thor (>= 0.14.6)
    guard-livereload (1.4.0)
      em-websocket (>= 0.5.0)
      guard (>= 1.8.0)
      multi_json (~> 1.7)
    http_parser.rb (0.5.3)
    json (1.8.1)
    listen (1.1.3)
      rb-fsevent (>= 0.9.3)
      rb-inotify (>= 0.9)
      rb-kqueue (>= 0.2)
    lumberjack (1.0.3)
    method_source (0.8.1)
    multi_json (1.8.2)
    pry (0.9.12.2)
      coderay (~> 1.0.5)
      method_source (~> 0.8)
      slop (~> 3.4)
    rack (1.5.2)
    rack-cors (0.2.9)
    rack-livereload (0.3.14)
      rack
    rack-protection (1.5.1)
      rack
    rb-fsevent (0.9.3)
    rb-inotify (0.9.2)
      ffi (>= 0.5.0)
    rb-kqueue (0.2.0)
      ffi (>= 0.5.0)
    sinatra (1.4.4)
      rack (~> 1.4)
      rack-protection (~> 1.4)
      tilt (~> 1.3, >= 1.3.4)
    slop (3.4.5)
    sqlite3 (1.3.7)
    thor (0.18.1)
    tilt (1.4.1)

PLATFORMS
  ruby

DEPENDENCIES
  guard-livereload
  json
  rack-cors
  rack-livereload
  sinatra
  sqlite3
